GEM
  remote: https://rubygems.org/
  specs:
    minitest (3.0.0)
    rake (0.9.2.2)
    yard (0.8.7.3)

PLATFORMS
  ruby

DEPENDENCIES
  minitest (>= 2.6.0)
  rake
  yard
