GEM
  remote: https://rubygems.org/
  specs:
    minitest (5.11.3)
    rake (12.3.3)
    yard (0.9.20)

PLATFORMS
  ruby

DEPENDENCIES
  minitest (>= 2.6.0)
  rake
  yard

BUNDLED WITH
   1.16.1
