GEM
  remote: https://rubygems.org/
  specs:
    ast (2.4.0)
    jaro_winkler (1.5.4)
    minitest (5.11.3)
    parallel (1.19.1)
    parser (2.7.1.2)
      ast (~> 2.4.0)
    rainbow (3.0.0)
    rake (12.3.3)
    rexml (3.2.4)
    rubocop (0.82.0)
      jaro_winkler (~> 1.5.1)
      parallel (~> 1.10)
      parser (>= 2.7.0.1)
      rainbow (>= 2.2.2, < 4.0)
      rexml
      ruby-progressbar (~> 1.7)
      unicode-display_width (>= 1.4.0, < 2.0)
    rubocop-performance (1.5.2)
      rubocop (>= 0.71.0)
    ruby-progressbar (1.10.1)
    standard (0.3.0)
      rubocop (~> 0.82.0)
      rubocop-performance (~> 1.5.2)
    unicode-display_width (1.7.0)
    yard (0.9.20)

PLATFORMS
  ruby

DEPENDENCIES
  minitest (>= 2.6.0)
  rake
  standard
  yard

BUNDLED WITH
   2.1.4
