GEM
  remote: http://rubygems.org/
  specs:
    json (1.7.3)
    minitest (3.0.0)
    rake (0.9.2.2)
    rdoc (3.12)
      json (~> 1.4)

PLATFORMS
  ruby

DEPENDENCIES
  minitest (>= 2.6.0)
  rake
  rdoc
